GEM
  remote: http://rubygems.org/
  specs:
    actionmailer (2.3.10)
      actionpack (= 2.3.10)
    actionpack (2.3.10)
      activesupport (= 2.3.10)
      rack (~> 1.1.0)
    activerecord (2.3.10)
      activesupport (= 2.3.10)
    activeresource (2.3.10)
      activesupport (= 2.3.10)
    activesupport (2.3.10)
    factory_girl (1.3.2)
    highline (1.6.1)
    mocha (0.9.10)
      rake
    rack (1.1.0)
    rails (2.3.10)
      actionmailer (= 2.3.10)
      actionpack (= 2.3.10)
      activerecord (= 2.3.10)
      activeresource (= 2.3.10)
      activesupport (= 2.3.10)
      rake (>= 0.8.3)
    rake (0.8.7)
    rubyist-aasm (2.1.1)
    sentry (0.5.3)
    shoulda (2.11.3)
    sqlite3-ruby (1.3.2)

PLATFORMS
  ruby

DEPENDENCIES
  factory_girl
  highline
  mocha
  rails (= 2.3.10)
  rubyist-aasm
  sentry
  shoulda
  sqlite3-ruby
